GIT
  remote: git://github.com/Treadhunter/google_places.git
  revision: 85deab8882cc6b69451597db3ce88c221b7f5d18
  specs:
    google_places (0.32.1)
      httparty (~> 0.13.1)

GIT
  remote: git://github.com/galetahub/simple-captcha.git
  revision: 3557b78feb5fa2624efce065ff77dd4775a8256f
  specs:
    simple_captcha (0.1.5)

GIT
  remote: git://github.com/mbleigh/subdomain-fu.git
  revision: dfbd86448694e019a805830f0866599da7e2bae1
  specs:
    subdomain-fu (1.0.0.beta3)

GIT
  remote: https://github.com/kirick/tax_cloud.git
  revision: 70b1a3818b48acf431a99e2b036223bb85cdd516
  specs:
    tax_cloud (0.4.1)
      activesupport (>= 3.0)
      i18n
      savon (>= 2.0)

GIT
  remote: https://github.com/ssoroka/scheduler_daemon.git
  revision: 45de50312151ec42f41e1d317b19a3b5a2b98971
  specs:
    scheduler_daemon (1.1.5)
      activesupport
      chronic (>= 0.2.0)
      daemons (>= 1.0.10)
      eventmachine (>= 0.12.8)
      rufus-scheduler (~> 2.0.24)

GIT
  remote: https://github.com/stripe/stripe-ruby
  revision: 8ba1a0e4908cccf20198791aa8f72acc63575589
  specs:
    stripe (1.21.0)
      json (~> 1.8.1)
      rest-client (~> 1.4)

GEM
  remote: http://rubygems.org/
  specs:
    Ascii85 (1.0.2)
    RubyInline (3.12.2)
      ZenTest (~> 4.3)
    ZenTest (4.6.0)
    actionmailer (3.2.8)
      actionpack (= 3.2.8)
      mail (~> 2.4.4)
    actionpack (3.2.8)
      activemodel (= 3.2.8)
      activesupport (= 3.2.8)
      builder (~> 3.0.0)
      erubis (~> 2.7.0)
      journey (~> 1.0.4)
      rack (~> 1.4.0)
      rack-cache (~> 1.2)
      rack-test (~> 0.6.1)
      sprockets (~> 2.1.3)
    activemodel (3.2.8)
      activesupport (= 3.2.8)
      builder (~> 3.0.0)
    activerecord (3.2.8)
      activemodel (= 3.2.8)
      activesupport (= 3.2.8)
      arel (~> 3.0.2)
      tzinfo (~> 0.3.29)
    activerecord-postgres-hstore (0.7.5)
      activerecord (>= 3.1)
      pg-hstore (>= 1.1.5)
      rake
    activeresource (3.2.8)
      activemodel (= 3.2.8)
      activesupport (= 3.2.8)
    activesupport (3.2.8)
      i18n (~> 0.6)
      multi_json (~> 1.0)
    addressable (2.3.4)
    afm (0.2.0)
    akami (1.2.0)
      gyoku (>= 0.4.0)
      nokogiri (>= 1.4.0)
    annotate (2.4.0)
    applescript (1.0)
    arel (3.0.2)
    autoparse (0.3.3)
      addressable (>= 2.3.1)
      extlib (>= 0.9.15)
      multi_json (>= 1.0.0)
    aws-s3 (0.6.3)
      builder
      mime-types
      xml-simple
    aws-sdk (1.7.1)
      httparty (~> 0.7)
      json (~> 1.4)
      nokogiri (>= 1.4.4)
      uuidtools (~> 2.1)
    bcrypt-ruby (3.0.1)
    bootstrap-sass (3.2.0.2)
      sass (~> 3.2)
    bootstrap-will_paginate (0.0.6)
      will_paginate
    builder (3.0.4)
    capybara (2.0.3)
      mime-types (>= 1.16)
      nokogiri (>= 1.3.3)
      rack (>= 1.0.0)
      rack-test (>= 0.5.4)
      selenium-webdriver (~> 2.0)
      xpath (~> 1.0.0)
    capybara-webkit (1.3.1)
      capybara (>= 2.0.2, < 2.5.0)
      json
    childprocess (0.5.8)
      ffi (~> 1.0, >= 1.0.11)
    choice (0.1.6)
    chronic (0.8.0)
    client_side_validations (3.2.0)
    cocaine (0.4.0)
    coffee-rails (3.2.2)
      coffee-script (>= 2.2.0)
      railties (~> 3.2.0)
    coffee-script (2.2.0)
      coffee-script-source
      execjs
    coffee-script-source (1.3.3)
    crack (0.4.1)
      safe_yaml (~> 0.9.0)
    cucumber (1.2.1)
      builder (>= 2.1.2)
      diff-lcs (>= 1.1.3)
      gherkin (~> 2.11.0)
      json (>= 1.4.6)
    cucumber-rails (1.2.1)
      capybara (>= 1.1.2)
      cucumber (>= 1.1.3)
      nokogiri (>= 1.5.0)
    daemons (1.1.9)
    database_cleaner (0.7.0)
    delayed_job (3.0.4)
      activesupport (~> 3.0)
    delayed_job_active_record (0.3.3)
      activerecord (>= 2.1.0, < 4)
      delayed_job (~> 3.0)
    delayed_paperclip (2.7.0)
      paperclip (>= 3.3)
    diff-lcs (1.1.3)
    domain_name (0.5.25)
      unf (>= 0.0.5, < 1.0.0)
    encryptor (1.1.3)
    erubis (2.7.0)
    eventmachine (1.0.8)
    exception_notification (3.0.1)
      actionmailer (>= 3.0.4)
    excon (0.16.10)
    execjs (1.4.0)
      multi_json (~> 1.0)
    extlib (0.9.16)
    facebooker2 (0.0.12)
      mogli (>= 0.0.12)
      ruby-hmac
    factory_girl (2.3.2)
      activesupport
    factory_girl_rails (1.4.0)
      factory_girl (~> 2.3.0)
      railties (>= 3.0.0)
    faker (1.0.1)
      i18n (~> 0.4)
    faraday (0.8.4)
      multipart-post (~> 1.1)
    faraday_middleware (0.9.1)
      faraday (>= 0.7.4, < 0.10)
    fattr (2.2.1)
    faye-websocket (0.4.7)
      eventmachine (>= 0.12.0)
    ffi (1.9.10)
    foursquare2 (2.0.2)
      faraday (~> 0.8)
      faraday_middleware (>= 0.8)
      hashie (>= 1.0, < 4.0.0)
    fullcalendar-rails (1.6.4.0)
    fuzzy-string-match (0.9.5)
      RubyInline (>= 3.8.6)
    fuzzy_match (1.5.0)
    garb (0.9.1)
      activesupport (>= 2.2.0)
      crack (>= 0.1.6)
    gcm (0.0.8)
      httparty
      json
    geocoder (1.2.11)
    geokit (1.10.0)
    geokit-rails (2.1.0)
      geokit (~> 1.5)
      rails (>= 3.0)
    gherkin (2.11.5)
      json (>= 1.4.6)
    gibbon (1.1.2)
      httparty
      multi_json (>= 1.3.4)
    google-analytics-rails (0.0.3)
    google-api-client (0.6.3)
      addressable (>= 2.3.2)
      autoparse (>= 0.3.3)
      extlib (>= 0.9.15)
      faraday (~> 0.8.4)
      jwt (>= 0.1.5)
      launchy (>= 2.1.1)
      multi_json (>= 1.0.0)
      signet (>= 0.4.4)
      uuidtools (>= 2.1.0)
    google-spreadsheet-ruby (0.3.1)
      google_drive (>= 0.3.0)
    google_drive (0.3.9)
      nokogiri (>= 1.4.4, != 1.5.2, != 1.5.1)
      oauth (>= 0.3.6)
      oauth2 (>= 0.5.0)
    google_visualr (2.4.0)
    gritter (1.0.3)
    guard (1.4.0)
      listen (>= 0.4.2)
      thor (>= 0.14.6)
    guard-rspec (0.5.5)
      guard (>= 0.8.4)
    guard-spork (0.3.2)
      guard (>= 0.8.4)
      spork (>= 0.8.4)
    gyoku (1.0.0)
      builder (>= 2.1.2)
    hashery (2.1.0)
    hashie (3.4.2)
    heroku-api (0.3.8)
      excon (~> 0.16.10)
    hike (1.2.1)
    http-cookie (1.0.2)
      domain_name (~> 0.5)
    http_parser.rb (0.5.3)
    httparty (0.13.3)
      json (~> 1.8)
      multi_xml (>= 0.5.2)
    httpauth (0.2.0)
    httpclient (2.3.3)
    httpi (2.0.2)
      rack
    i18n (0.6.1)
    impressionist (1.2.0)
      httpclient (~> 2.2)
      nokogiri (~> 1.5)
    journey (1.0.4)
    jquery-fileupload-rails (0.3.0)
      actionpack (>= 3.1)
      railties (>= 3.1)
    jquery-rails (2.1.3)
      railties (>= 3.1.0, < 5.0)
      thor (~> 0.14)
    json (1.8.2)
    jwt (0.1.5)
      multi_json (>= 1.0)
    koala (1.6.0)
      addressable (~> 2.2)
      faraday (~> 0.8)
      multi_json (~> 1.3)
    launchy (2.3.0)
      addressable (~> 2.3)
    legato (0.5.1)
      multi_json
    listen (0.5.3)
    log4r (1.1.10)
    mail (2.4.4)
      i18n (>= 0.4.0)
      mime-types (~> 1.16)
      treetop (~> 1.4.8)
    mechanize (2.7.2)
      domain_name (~> 0.5, >= 0.5.1)
      http-cookie (~> 1.0.0)
      mime-types (~> 1.17, >= 1.17.2)
      net-http-digest_auth (~> 1.1, >= 1.1.1)
      net-http-persistent (~> 2.5, >= 2.5.2)
      nokogiri (~> 1.4)
      ntlm-http (~> 0.1, >= 0.1.1)
      webrobots (>= 0.0.9, < 0.2)
    mime-types (1.25.1)
    mogli (0.0.28)
      httparty (>= 0.4.3)
    money (5.0.0)
      i18n (~> 0.4)
      json
    money-rails (0.6.0)
      activesupport (~> 3.0)
      money (~> 5.0.0)
      railties (~> 3.0)
    multi_json (1.11.2)
    multi_xml (0.5.5)
    multipart-post (1.1.5)
    net-http-digest_auth (1.4)
    net-http-persistent (2.9.4)
    netrc (0.10.2)
    newrelic_rpm (3.5.5.38)
    nexmo (1.0.0)
    nokogiri (1.5.9)
    nori (2.1.0)
    ntlm-http (0.1.1)
    oauth (0.4.7)
    oauth-plugin (0.4.1)
      multi_json
      oauth (~> 0.4.4)
      oauth2 (>= 0.5.0)
      rack
    oauth2 (0.8.0)
      faraday (~> 0.8)
      httpauth (~> 0.1)
      jwt (~> 0.1.4)
      multi_json (~> 1.0)
      rack (~> 1.2)
    paperclip (3.3.0)
      activemodel (>= 3.0.0)
      activerecord (>= 3.0.0)
      activesupport (>= 3.0.0)
      cocaine (~> 0.4.0)
      mime-types
    pdf-reader (1.3.3)
      Ascii85 (~> 1.0.0)
      afm (~> 0.2.0)
      hashery (~> 2.0)
      ruby-rc4
      ttfunk
    pg (0.14.1)
    pg-hstore (1.1.7)
    poltergeist (1.1.2)
      capybara (~> 2.0.1)
      faye-websocket (~> 0.4.4)
      http_parser.rb (~> 0.5.3)
    polyglot (0.3.3)
    profanity_filter (0.1.1)
    push-apns (1.0.3)
      push-core (~> 1.0.0)
    push-core (1.0.4)
      multi_json (>= 1.3.2)
      rails (> 3.2)
    push-gcm (1.0.4)
      push-core (~> 1.0.0)
    rack (1.4.5)
    rack-affiliates (0.2.0)
      rack
    rack-cache (1.2)
      rack (>= 0.4)
    rack-mini-profiler (0.1.26)
      rack (>= 1.1.3)
    rack-ssl (1.3.2)
      rack
    rack-test (0.6.2)
      rack (>= 1.0)
    rails (3.2.8)
      actionmailer (= 3.2.8)
      actionpack (= 3.2.8)
      activerecord (= 3.2.8)
      activeresource (= 3.2.8)
      activesupport (= 3.2.8)
      bundler (~> 1.0)
      railties (= 3.2.8)
    railties (3.2.8)
      actionpack (= 3.2.8)
      activesupport (= 3.2.8)
      rack-ssl (~> 1.3.2)
      rake (>= 0.8.7)
      rdoc (~> 3.4)
      thor (>= 0.14.6, < 2.0)
    rake (0.9.2.2)
    rdoc (3.12)
      json (~> 1.4)
    redirector (0.1.4)
      rails (~> 3.1)
    rest-client (1.7.2)
      mime-types (>= 1.16, < 3.0)
      netrc (~> 0.7)
    rmagick (2.15.3)
    roo (1.10.1)
      choice (>= 0.1.4)
      google-spreadsheet-ruby (>= 0.1.5)
      nokogiri (>= 1.5.0)
      rubyzip (>= 0.9.4)
      spreadsheet (> 0.6.4)
      todonotes (>= 0.1.0)
    rspec (2.10.0)
      rspec-core (~> 2.10.0)
      rspec-expectations (~> 2.10.0)
      rspec-mocks (~> 2.10.0)
    rspec-core (2.10.1)
    rspec-expectations (2.10.0)
      diff-lcs (~> 1.1.3)
    rspec-mocks (2.10.1)
    rspec-rails (2.10.0)
      actionpack (>= 3.0)
      activesupport (>= 3.0)
      railties (>= 3.0)
      rspec (~> 2.10.0)
    ruby-hmac (0.4.0)
    ruby-ole (1.2.11.6)
    ruby-rc4 (0.1.5)
    rubygems-bundler (1.1.1)
    rubyzip (1.1.7)
    rufus-scheduler (2.0.24)
      tzinfo (>= 0.3.22)
    rush (0.6.8)
      session
    safe_yaml (0.9.7)
    sass (3.2.1)
    sass-rails (3.2.4)
      railties (~> 3.2.0)
      sass (>= 3.1.10)
      tilt (~> 1.3)
    savon (2.2.0)
      akami (~> 1.2.0)
      builder (>= 2.1.2)
      gyoku (~> 1.0.0)
      httpi (~> 2.0.2)
      nokogiri (>= 1.4.0)
      nori (~> 2.1.0)
      wasabi (~> 3.1.0)
    seed_dump (0.4.1)
    selenium-webdriver (2.48.1)
      childprocess (~> 0.5)
      multi_json (~> 1.0)
      rubyzip (~> 1.0)
      websocket (~> 1.0)
    session (3.1.0)
      fattr
    sextant (0.2.4)
      rails (>= 3.2)
    signet (0.4.5)
      addressable (>= 2.2.3)
      faraday (~> 0.8.1)
      jwt (>= 0.1.5)
      multi_json (>= 1.0.0)
    simple_oauth (0.2.0)
    social-buttons (0.3.9)
      rails (>= 3.0.0)
    spork (0.9.0)
    spreadsheet (0.7.9)
      ruby-ole (>= 1.0)
    sprockets (2.1.3)
      hike (~> 1.2)
      rack (~> 1.0)
      tilt (~> 1.1, != 1.3.0)
    thor (0.16.0)
    thread (0.2.1)
    tilt (1.3.3)
    timeliness (0.3.7)
    todonotes (0.1.1)
      log4r
    treetop (1.4.11)
      polyglot
      polyglot (>= 0.3.1)
    ttfunk (1.0.3)
    twitter-bootstrap-rails (2.2.4)
      actionpack (>= 3.1)
      execjs
      railties (>= 3.1)
    tzinfo (0.3.33)
    uglifier (1.2.3)
      execjs (>= 0.3.0)
      multi_json (>= 1.0.2)
    unf (0.1.4)
      unf_ext
    unf_ext (0.0.7.1)
    uuidtools (2.1.3)
    valid_email (0.0.4)
      activemodel
      mail
    validates_timeliness (3.0.14)
      timeliness (~> 0.3.6)
    wasabi (3.1.0)
      httpi (~> 2.0)
      nokogiri (>= 1.4.0)
    webrobots (0.1.1)
    websocket (1.2.2)
    will_paginate (3.0.3)
    workless (1.1.2)
      delayed_job (>= 2.0.7)
      heroku-api
      rails
      rush
    writeexcel (1.0.5)
    xml-simple (1.1.2)
    xpath (1.0.0)
      nokogiri (~> 1.3)
    yaml_db (0.2.3)
    yelp (2.0.4)
      faraday (~> 0.8, >= 0.8.0)
      faraday_middleware (~> 0.8, >= 0.8.0)
      simple_oauth (~> 0.2, >= 0.2.0, < 0.3.0)
    zip-zip (0.3)
      rubyzip (>= 1.0.0)

PLATFORMS
  ruby

DEPENDENCIES
  ZenTest (= 4.6.0)
  activerecord-postgres-hstore
  annotate (= 2.4.0)
  applescript
  aws-s3
  aws-sdk
  bcrypt-ruby (= 3.0.1)
  bootstrap-sass (~> 3.2.0)
  bootstrap-will_paginate (= 0.0.6)
  builder
  capybara (~> 2.0.2)
  capybara-webkit
  chronic
  client_side_validations
  coffee-rails (= 3.2.2)
  cucumber-rails (= 1.2.1)
  daemons
  database_cleaner (= 0.7.0)
  delayed_job
  delayed_job_active_record
  delayed_paperclip
  encryptor
  exception_notification
  facebooker2
  factory_girl_rails (= 1.4.0)
  faker (= 1.0.1)
  foursquare2
  fullcalendar-rails
  fuzzy-string-match
  fuzzy_match
  garb
  gcm
  geocoder (= 1.2.11)
  geokit
  geokit-rails
  gibbon
  google-analytics-rails
  google-api-client
  google_drive
  google_places (= 0.32.1)!
  google_visualr
  gritter
  guard-rspec (= 0.5.5)
  guard-spork (= 0.3.2)
  heroku-api
  impressionist
  jquery-fileupload-rails (= 0.3.0)
  jquery-rails
  json (~> 1.8.1)
  koala
  legato (= 0.5.1)
  mechanize
  money-rails
  newrelic_rpm
  nexmo (~> 1.0.0)
  nokogiri
  oauth-plugin (~> 0.4.0)
  paperclip (~> 3.0)
  pdf-reader
  pg
  poltergeist
  profanity_filter
  push-apns
  push-core
  push-gcm
  rack-affiliates
  rack-mini-profiler
  rails
  redirector
  rest-client
  rmagick (~> 2.15.3)
  roo
  rspec-rails (= 2.10.0)
  rubygems-bundler
  sass-rails (= 3.2.4)
  savon
  scheduler_daemon!
  seed_dump
  selenium-webdriver
  sextant
  simple_captcha!
  social-buttons (~> 0.3)
  spork (= 0.9.0)
  stripe (~> 1.21)!
  subdomain-fu!
  tax_cloud (= 0.4.1)!
  thread
  twitter-bootstrap-rails
  uglifier (= 1.2.3)
  valid_email
  validates_timeliness (~> 3.0)
  will_paginate (= 3.0.3)
  workless (~> 1.1.1)
  writeexcel
  yaml_db
  yelp
  zip-zip

BUNDLED WITH
   1.10.6
